GEM
  remote: https://pkgs.shopify.io/basic/gems/ruby/
  specs:
    kafka-client-ruby (2.9.0)
      avro_turf (~> 1.3.1)
      dnsruby (~> 1.61, >= 1.61.3)
      ruby-kafka (>= 1.2, < 1.4)
      snappy (>= 0.0.17, < 0.3.0)
    kafka-shopify (1.11.2)
      activesupport (>= 5.1)
      kafka-client-ruby (>= 2.6, < 2.10)
      ruby-kafka (~> 1.3)
      statsd-instrument (>= 2.3, < 4)
      sysvmq (~> 0.2.1)
      tros (~> 1.7)
    monorail (0.1.101.1272)
      avro (~> 1.8)
      colorize (>= 0.8.1)
      faraday (>= 0.12, < 2)
      json (>= 2.3.0)
      kafka-shopify (>= 1.7.4)
      statsd-instrument (>= 2.3.2)
    opentelemetry-instrumentation-memcached (0.17.1)
      opentelemetry-api (~> 0.17.0)
      opentelemetry-common (~> 0.17.0)
      opentelemetry-instrumentation-base (~> 0.17.0)
    opentelemetry-instrumentation-sidekiq_scheduler (0.17.1)
      opentelemetry-api (~> 0.17.0)
      opentelemetry-common (~> 0.17.0)
      opentelemetry-instrumentation-base (~> 0.17.0)
    opentelemetry-shopify (0.17.1)
      google-protobuf (>= 3.4.1.1, < 3.15)
      opentelemetry-api (~> 0.17.0)
      opentelemetry-common (~> 0.17.0)
      opentelemetry-exporter-jaeger (~> 0.17.0)
      opentelemetry-exporter-otlp (~> 0.17.0)
      opentelemetry-instrumentation-dalli (~> 0.17.0)
      opentelemetry-instrumentation-ethon (~> 0.17.0)
      opentelemetry-instrumentation-faraday (~> 0.17.0)
      opentelemetry-instrumentation-graphql (~> 0.17.0)
      opentelemetry-instrumentation-http (~> 0.17.0)
      opentelemetry-instrumentation-http_client (~> 0.17.0)
      opentelemetry-instrumentation-memcached (~> 0.17.1)
      opentelemetry-instrumentation-mysql2 (~> 0.17.0)
      opentelemetry-instrumentation-net_http (~> 0.17.0)
      opentelemetry-instrumentation-rack (~> 0.17.0)
      opentelemetry-instrumentation-rails (~> 0.17.0)
      opentelemetry-instrumentation-redis (~> 0.17.0)
      opentelemetry-instrumentation-ruby_kafka (~> 0.17.0)
      opentelemetry-instrumentation-sidekiq (~> 0.17.0)
      opentelemetry-instrumentation-sidekiq_scheduler (~> 0.17.1)
      opentelemetry-resource_detectors (~> 0.17.0)
      opentelemetry-sdk (~> 0.17.0)
      semian (>= 0.10.2)
      statsd-instrument (>= 2.3.0, < 4)
    shopify-cloud (2.7.0)
      actionpack (>= 6.0.0)
      activesupport (>= 6.0.0)
      concurrent-ruby
      google-cloud-storage (~> 1.4)
      railties (>= 6.0.0)
      shopify_metrics
      statsd-instrument
    shopify-graphiql-rails (0.2.0)
      railties
    shopify_metrics (1.7.0)
      raindrops
      statsd-instrument (>= 2.7, < 4)

GEM
  remote: https://rubygems.org/
  specs:
    actioncable (6.1.3.2)
      actionpack (= 6.1.3.2)
      activesupport (= 6.1.3.2)
      nio4r (~> 2.0)
      websocket-driver (>= 0.6.1)
    actionmailbox (6.1.3.2)
      actionpack (= 6.1.3.2)
      activejob (= 6.1.3.2)
      activerecord (= 6.1.3.2)
      activestorage (= 6.1.3.2)
      activesupport (= 6.1.3.2)
      mail (>= 2.7.1)
    actionmailer (6.1.3.2)
      actionpack (= 6.1.3.2)
      actionview (= 6.1.3.2)
      activejob (= 6.1.3.2)
      activesupport (= 6.1.3.2)
      mail (~> 2.5, >= 2.5.4)
      rails-dom-testing (~> 2.0)
    actionpack (6.1.3.2)
      actionview (= 6.1.3.2)
      activesupport (= 6.1.3.2)
      rack (~> 2.0, >= 2.0.9)
      rack-test (>= 0.6.3)
      rails-dom-testing (~> 2.0)
      rails-html-sanitizer (~> 1.0, >= 1.2.0)
    actiontext (6.1.3.2)
      actionpack (= 6.1.3.2)
      activerecord (= 6.1.3.2)
      activestorage (= 6.1.3.2)
      activesupport (= 6.1.3.2)
      nokogiri (>= 1.8.5)
    actionview (6.1.3.2)
      activesupport (= 6.1.3.2)
      builder (~> 3.1)
      erubi (~> 1.4)
      rails-dom-testing (~> 2.0)
      rails-html-sanitizer (~> 1.1, >= 1.2.0)
    activejob (6.1.3.2)
      activesupport (= 6.1.3.2)
      globalid (>= 0.3.6)
    activemodel (6.1.3.2)
      activesupport (= 6.1.3.2)
    activerecord (6.1.3.2)
      activemodel (= 6.1.3.2)
      activesupport (= 6.1.3.2)
    activestorage (6.1.3.2)
      actionpack (= 6.1.3.2)
      activejob (= 6.1.3.2)
      activerecord (= 6.1.3.2)
      activesupport (= 6.1.3.2)
      marcel (~> 1.0.0)
      mini_mime (~> 1.0.2)
    activesupport (6.1.3.2)
      concurrent-ruby (~> 1.0, >= 1.0.2)
      i18n (>= 1.6, < 2)
      minitest (>= 5.1)
      tzinfo (~> 2.0)
      zeitwerk (~> 2.3)
    addressable (2.7.0)
      public_suffix (>= 2.0.2, < 5.0)
    ast (2.4.2)
    avro (1.10.2)
      multi_json (~> 1)
    avro_turf (1.3.1)
      avro (>= 1.7.7, < 1.11)
      excon (~> 0.71)
    bindex (0.8.1)
    bootsnap (1.7.5)
      msgpack (~> 1.0)
    browserslist_useragent (0.2.0)
      semantic
      user_agent_parser
    builder (3.2.4)
    byebug (11.1.3)
    capybara (3.35.3)
      addressable
      mini_mime (>= 0.1.3)
      nokogiri (~> 1.8)
      rack (>= 1.6.0)
      rack-test (>= 0.6.3)
      regexp_parser (>= 1.5, < 3.0)
      xpath (~> 3.2)
    childprocess (3.0.0)
    coderay (1.1.3)
    colorize (0.8.1)
    commander (4.6.0)
      highline (~> 2.0.0)
    concurrent-ruby (1.1.9)
    crass (1.0.6)
    declarative (0.0.20)
    digest-crc (0.6.3)
      rake (>= 12.0.0, < 14.0.0)
    dnsruby (1.61.5)
      simpleidn (~> 0.1)
    ejson (1.2.1)
    ejson-rails (0.1.1)
      ejson
      railties (>= 4.1)
    erubi (1.10.0)
    excon (0.82.0)
    faraday (1.4.2)
      faraday-em_http (~> 1.0)
      faraday-em_synchrony (~> 1.0)
      faraday-excon (~> 1.1)
      faraday-net_http (~> 1.0)
      faraday-net_http_persistent (~> 1.1)
      multipart-post (>= 1.2, < 3)
      ruby2_keywords (>= 0.0.4)
    faraday-em_http (1.0.0)
    faraday-em_synchrony (1.0.0)
    faraday-excon (1.1.0)
    faraday-net_http (1.0.1)
    faraday-net_http_persistent (1.1.0)
    ffi (1.15.1)
    globalid (0.4.2)
      activesupport (>= 4.2.0)
    google-apis-core (0.3.0)
      addressable (~> 2.5, >= 2.5.1)
      googleauth (~> 0.14)
      httpclient (>= 2.8.1, < 3.0)
      mini_mime (~> 1.0)
      representable (~> 3.0)
      retriable (>= 2.0, < 4.0)
      rexml
      signet (~> 0.14)
      webrick
    google-apis-iamcredentials_v1 (0.4.0)
      google-apis-core (~> 0.1)
    google-apis-storage_v1 (0.4.0)
      google-apis-core (~> 0.1)
    google-cloud-core (1.6.0)
      google-cloud-env (~> 1.0)
      google-cloud-errors (~> 1.0)
    google-cloud-env (1.5.0)
      faraday (>= 0.17.3, < 2.0)
    google-cloud-errors (1.1.0)
    google-cloud-storage (1.31.1)
      addressable (~> 2.5)
      digest-crc (~> 0.4)
      google-apis-iamcredentials_v1 (~> 0.1)
      google-apis-storage_v1 (~> 0.1)
      google-cloud-core (~> 1.2)
      googleauth (~> 0.9)
      mini_mime (~> 1.0)
    google-protobuf (3.14.0-universal-darwin)
    google-protobuf (3.14.0-x86_64-linux)
    googleauth (0.16.2)
      faraday (>= 0.17.3, < 2.0)
      jwt (>= 1.4, < 3.0)
      memoist (~> 0.16)
      multi_json (~> 1.11)
      os (>= 0.9, < 2.0)
      signet (~> 0.14)
    graphql (1.12.12)
    highline (2.0.3)
    httpclient (2.8.3)
    i18n (1.8.10)
      concurrent-ruby (~> 1.0)
    jbuilder (2.11.2)
      activesupport (>= 5.0.0)
    json (2.5.1)
    jwt (2.2.3)
    listen (3.5.1)
      rb-fsevent (~> 0.10, >= 0.10.3)
      rb-inotify (~> 0.9, >= 0.9.10)
    loofah (2.10.0)
      crass (~> 1.0.2)
      nokogiri (>= 1.5.9)
    mail (2.7.1)
      mini_mime (>= 0.1.1)
    marcel (1.0.1)
    memoist (0.16.2)
    method_source (1.0.0)
    mini_mime (1.0.3)
    minitest (5.14.4)
    minitest-distributed (0.2.4)
      minitest (~> 5.12)
      redis (~> 4.2)
      sorbet-runtime
    minitest-silence (0.2.4)
      minitest (~> 5.12)
    msgpack (1.4.2)
    multi_json (1.15.0)
    multipart-post (2.1.1)
    mysql2 (0.5.3)
    nio4r (2.5.7)
    nokogiri (1.11.7-x86_64-darwin)
      racc (~> 1.4)
    nokogiri (1.11.7-x86_64-linux)
      racc (~> 1.4)
    opentelemetry-api (0.17.0)
    opentelemetry-common (0.17.0)
      opentelemetry-api (~> 0.17.0)
    opentelemetry-exporter-jaeger (0.17.0)
      opentelemetry-api (~> 0.17.0)
      opentelemetry-common (~> 0.17.0)
      opentelemetry-sdk (~> 0.17.0)
      thrift
    opentelemetry-exporter-otlp (0.17.0)
      google-protobuf (~> 3.7)
      opentelemetry-api (~> 0.17.0)
      opentelemetry-common (~> 0.17.0)
      opentelemetry-sdk (~> 0.17.0)
    opentelemetry-instrumentation-base (0.17.0)
      opentelemetry-api (~> 0.17.0)
    opentelemetry-instrumentation-dalli (0.17.0)
      opentelemetry-api (~> 0.17.0)
      opentelemetry-common (~> 0.17.0)
      opentelemetry-instrumentation-base (~> 0.17.0)
    opentelemetry-instrumentation-ethon (0.17.0)
      opentelemetry-api (~> 0.17.0)
      opentelemetry-common (~> 0.17.0)
      opentelemetry-instrumentation-base (~> 0.17.0)
    opentelemetry-instrumentation-faraday (0.17.0)
      opentelemetry-api (~> 0.17.0)
      opentelemetry-common (~> 0.17.0)
      opentelemetry-instrumentation-base (~> 0.17.0)
    opentelemetry-instrumentation-graphql (0.17.0)
      opentelemetry-api (~> 0.17.0)
      opentelemetry-instrumentation-base (~> 0.17.0)
    opentelemetry-instrumentation-http (0.17.0)
      opentelemetry-api (~> 0.17.0)
      opentelemetry-instrumentation-base (~> 0.17.0)
    opentelemetry-instrumentation-http_client (0.17.0)
      opentelemetry-api (~> 0.17.0)
      opentelemetry-common (~> 0.17.0)
      opentelemetry-instrumentation-base (~> 0.17.0)
    opentelemetry-instrumentation-mysql2 (0.17.0)
      opentelemetry-api (~> 0.17.0)
      opentelemetry-instrumentation-base (~> 0.17.0)
    opentelemetry-instrumentation-net_http (0.17.0)
      opentelemetry-api (~> 0.17.0)
      opentelemetry-common (~> 0.17.0)
      opentelemetry-instrumentation-base (~> 0.17.0)
    opentelemetry-instrumentation-rack (0.17.0)
      opentelemetry-api (~> 0.17.0)
      opentelemetry-instrumentation-base (~> 0.17.0)
    opentelemetry-instrumentation-rails (0.17.0)
      opentelemetry-api (~> 0.17.0)
      opentelemetry-instrumentation-base (~> 0.17.0)
      opentelemetry-instrumentation-rack (~> 0.17.0)
    opentelemetry-instrumentation-redis (0.17.0)
      opentelemetry-api (~> 0.17.0)
      opentelemetry-common (~> 0.17.0)
      opentelemetry-instrumentation-base (~> 0.17.0)
    opentelemetry-instrumentation-ruby_kafka (0.17.0)
      opentelemetry-api (~> 0.17.0)
      opentelemetry-instrumentation-base (~> 0.17.0)
    opentelemetry-instrumentation-sidekiq (0.17.0)
      opentelemetry-api (~> 0.17.0)
      opentelemetry-common (~> 0.17.0)
      opentelemetry-instrumentation-base (~> 0.17.0)
    opentelemetry-resource_detectors (0.17.0)
      google-cloud-env
      opentelemetry-sdk
    opentelemetry-sdk (0.17.0)
      opentelemetry-api (~> 0.17.0)
      opentelemetry-common (~> 0.17.0)
      opentelemetry-instrumentation-base (~> 0.17.0)
    os (1.1.1)
    parallel (1.20.1)
    parlour (6.0.0)
      commander (~> 4.5)
      parser
      rainbow (~> 3.0)
      sorbet-runtime (>= 0.5)
    parser (3.0.1.1)
      ast (~> 2.4.1)
    pry (0.14.1)
      coderay (~> 1.1)
      method_source (~> 1.0)
    public_suffix (4.0.6)
    puma (5.3.2)
      nio4r (~> 2.0)
    quilt_rails (3.4.2)
      activesupport (>= 3.2.0)
      rails-reverse-proxy (~> 0.9.0)
      railties (>= 3.2.0)
      statsd-instrument (>= 2.8.0)
    racc (1.5.2)
    rack (2.2.3)
    rack-mini-profiler (2.3.2)
      rack (>= 1.2.0)
    rack-proxy (0.7.0)
      rack
    rack-test (1.1.0)
      rack (>= 1.0, < 3)
    rails (6.1.3.2)
      actioncable (= 6.1.3.2)
      actionmailbox (= 6.1.3.2)
      actionmailer (= 6.1.3.2)
      actionpack (= 6.1.3.2)
      actiontext (= 6.1.3.2)
      actionview (= 6.1.3.2)
      activejob (= 6.1.3.2)
      activemodel (= 6.1.3.2)
      activerecord (= 6.1.3.2)
      activestorage (= 6.1.3.2)
      activesupport (= 6.1.3.2)
      bundler (>= 1.15.0)
      railties (= 6.1.3.2)
      sprockets-rails (>= 2.0.0)
    rails-dom-testing (2.0.3)
      activesupport (>= 4.2.0)
      nokogiri (>= 1.6)
    rails-html-sanitizer (1.3.0)
      loofah (~> 2.3)
    rails-reverse-proxy (0.9.1)
      addressable
      rack
      rack-proxy
      rails
    railties (6.1.3.2)
      actionpack (= 6.1.3.2)
      activesupport (= 6.1.3.2)
      method_source
      rake (>= 0.8.7)
      thor (~> 1.0)
    rainbow (3.0.0)
    raindrops (0.19.2)
    rake (13.0.3)
    rb-fsevent (0.11.0)
    rb-inotify (0.10.1)
      ffi (~> 1.0)
    redis (4.3.1)
    regexp_parser (2.1.1)
    representable (3.1.1)
      declarative (< 0.1.0)
      trailblazer-option (>= 0.1.1, < 0.2.0)
      uber (< 0.2.0)
    retriable (3.1.2)
    rexml (3.2.5)
    rubocop (1.16.1)
      parallel (~> 1.10)
      parser (>= 3.0.0.0)
      rainbow (>= 2.2.2, < 4.0)
      regexp_parser (>= 1.8, < 3.0)
      rexml
      rubocop-ast (>= 1.7.0, < 2.0)
      ruby-progressbar (~> 1.7)
      unicode-display_width (>= 1.4.0, < 3.0)
    rubocop-ast (1.7.0)
      parser (>= 3.0.1.1)
    rubocop-shopify (2.1.0)
      rubocop (~> 1.13)
    rubocop-sorbet (0.6.2)
      rubocop
    ruby-kafka (1.3.0)
      digest-crc
    ruby-progressbar (1.11.0)
    ruby2_keywords (0.0.4)
    rubyzip (2.3.0)
    selenium-webdriver (3.142.7)
      childprocess (>= 0.5, < 4.0)
      rubyzip (>= 1.2.2)
    semantic (1.6.1)
    semian (0.11.4)
    sewing_kit (0.129.0)
      browserslist_useragent
      railties (>= 3.2.0)
      rake
    signet (0.15.0)
      addressable (~> 2.3)
      faraday (>= 0.17.3, < 2.0)
      jwt (>= 1.5, < 3.0)
      multi_json (~> 1.10)
    simpleidn (0.2.1)
      unf (~> 0.1.4)
    snappy (0.2.0)
    sorbet (0.5.6442)
      sorbet-static (= 0.5.6442)
    sorbet-runtime (0.5.6442)
    sorbet-static (0.5.6442-universal-darwin-20)
    sorbet-static (0.5.6442-x86_64-linux)
    spoom (1.1.1)
      colorize
      sorbet (>= 0.5.6347)
      sorbet-runtime
      thor (>= 0.19.2)
    spring (2.1.1)
    sprockets (4.0.2)
      concurrent-ruby (~> 1.0)
      rack (> 1, < 3)
    sprockets-rails (3.2.2)
      actionpack (>= 4.0)
      activesupport (>= 4.0)
      sprockets (>= 3.0.0)
    statsd-instrument (3.1.1)
    sysvmq (0.2.2)
    tapioca (0.4.23)
      bundler (>= 1.17.3)
      parlour (>= 2.1.0)
      pry (>= 0.12.2)
      sorbet-runtime
      sorbet-static (>= 0.4.4471)
      spoom
      thor (>= 0.19.2)
    thor (1.1.0)
    thrift (0.14.1)
    trailblazer-option (0.1.1)
    tros (1.7.6.4)
    tzinfo (2.0.4)
      concurrent-ruby (~> 1.0)
    uber (0.1.0)
    unf (0.1.4)
      unf_ext
    unf_ext (0.0.7.7)
    unicode-display_width (2.0.0)
    user_agent_parser (2.7.0)
    web-console (4.1.0)
      actionview (>= 6.0.0)
      activemodel (>= 6.0.0)
      bindex (>= 0.4.0)
      railties (>= 6.0.0)
    webdrivers (4.6.0)
      nokogiri (~> 1.6)
      rubyzip (>= 1.3.0)
      selenium-webdriver (>= 3.0, < 4.0)
    webrick (1.7.0)
    websocket-driver (0.7.5)
      websocket-extensions (>= 0.1.0)
    websocket-extensions (0.1.5)
    xpath (3.2.0)
      nokogiri (~> 1.8)
    zeitwerk (2.4.2)

PLATFORMS
  x86_64-darwin-20
  x86_64-linux

DEPENDENCIES
  bootsnap (>= 1.4.4)
  byebug
  capybara (>= 3.26)
  ejson-rails
  graphql
  jbuilder (~> 2.7)
  kafka-shopify!
  listen (~> 3.3)
  minitest-distributed
  minitest-silence (>= 0.2.4)
  monorail!
  mysql2 (~> 0.5)
  opentelemetry-shopify!
  puma (~> 5.0)
  quilt_rails (>= 3.4.0)
  rack-mini-profiler (~> 2.0)
  rails (~> 6.1.3, >= 6.1.3.2)
  rubocop-shopify
  rubocop-sorbet
  selenium-webdriver
  sewing_kit (>= 0.129.0)
  shopify-cloud!
  shopify-graphiql-rails!
  shopify_metrics!
  sorbet
  sorbet-runtime
  spring
  tapioca
  web-console (>= 4.1.0)
  webdrivers

RUBY VERSION
   ruby 2.7.2p137

BUNDLED WITH
   2.2.19
